GEM
  remote: http://ruby.taobao.org/
  specs:
    activesupport (4.0.0)
      i18n (~> 0.6, >= 0.6.4)
      minitest (~> 4.2)
      multi_json (~> 1.3)
      thread_safe (~> 0.1)
      tzinfo (~> 0.3.37)
    ansj_seg-jruby (0.0.1)
    atomic (1.1.10)
    atomic (1.1.10-java)
    awesome_print (1.1.0)
    backports (3.3.3)
    bouncy-castle-java (1.5.0147)
    builder (3.2.2)
    coderay (1.0.9)
    descendants_tracker (0.0.1)
    ffi (1.9.0-java)
    grape (0.5.0)
      activesupport
      builder
      hashie (>= 1.2.0)
      multi_json (>= 1.3.2)
      multi_xml (>= 0.5.2)
      rack (>= 1.3.0)
      rack-accept
      rack-mount
      virtus
    hashie (2.0.5)
    i18n (0.6.4)
    jruby-jars (1.7.4)
    jruby-openssl (0.8.8)
      bouncy-castle-java (>= 1.5.0147)
    jruby-rack (1.1.13.2)
    method_source (0.8.2)
    minitest (4.7.5)
    multi_json (1.7.7)
    multi_xml (0.5.4)
    nestful (1.0.4)
    pry (0.9.12.2-java)
      coderay (~> 1.0.5)
      method_source (~> 0.8)
      slop (~> 3.4)
      spoon (~> 0.0)
    puma (2.5.1-java)
      rack (>= 1.1, < 2.0)
    rack (1.4.5)
    rack-accept (0.4.5)
      rack (>= 0.4)
    rack-mount (0.8.3)
      rack (>= 1.0.0)
    rake (10.1.0)
    redis (3.0.4)
    redis-rack (1.4.2)
      rack (~> 1.4.1)
      redis-store (~> 1.1.0)
    redis-store (1.1.3)
      redis (>= 2.2.0)
    rubyzip (0.9.9)
    slop (3.4.6)
    spoon (0.0.4)
      ffi
    thread_safe (0.1.0)
      atomic
    tzinfo (0.3.37)
    virtus (0.5.5)
      backports (~> 3.3)
      descendants_tracker (~> 0.0.1)
    warbler (1.3.8)
      jruby-jars (>= 1.5.6)
      jruby-rack (>= 1.0.0)
      rake (>= 0.9.6)
      rubyzip (>= 0.9.8)

PLATFORMS
  java

DEPENDENCIES
  ansj_seg-jruby
  awesome_print
  grape
  jruby-openssl
  multi_json
  multi_xml
  nestful
  pry
  puma
  rack (= 1.4.5)
  rake
  redis
  redis-rack (= 1.4.2)
  warbler
